GEM
  remote: https://rubygems.org/
  specs:
    coderay (1.1.2)
    jobcoin_client (1.0.3)
    method_source (0.9.0)
    pry (0.11.3)
      coderay (~> 1.1.0)
      method_source (~> 0.9.0)
    rack (1.6.8)
    rack-protection (1.5.3)
      rack
    shotgun (0.9.2)
      rack (>= 1.0)
    sinatra (1.4.8)
      rack (~> 1.5)
      rack-protection (~> 1.4)
      tilt (>= 1.3, < 3)
    tilt (2.0.8)

PLATFORMS
  ruby

DEPENDENCIES
  jobcoin_client (~> 1.0.3)
  pry
  shotgun
  sinatra

BUNDLED WITH
   1.16.1
