GEM
  remote: https://rubygems.org/
  specs:
    jobcoin_client (1.0.3)
    rack (1.6.8)
    rack-protection (1.5.3)
      rack
    sinatra (1.4.8)
      rack (~> 1.5)
      rack-protection (~> 1.4)
      tilt (>= 1.3, < 3)
    tilt (2.0.8)

PLATFORMS
  ruby

DEPENDENCIES
  jobcoin_client (~> 1.0.3)
  sinatra

BUNDLED WITH
   1.16.1
